PATH
  remote: .
  specs:
    adsedare_mattermost (0.0.1)
      adsedare
      faraday (~> 2.7)

GEM
  remote: https://rubygems.org/
  specs:
    CFPropertyList (3.0.7)
      base64
      nkf
      rexml
    adsedare (0.0.6)
      faraday (~> 2.7)
      faraday-cookie_jar (~> 0.0.7)
      jwt (~> 2.7)
      plist (~> 3.2.0)
      rake (~> 13.0)
      xcodeproj (~> 1.27.0)
    atomos (0.1.3)
    base64 (0.2.0)
    claide (1.1.0)
    colored2 (3.1.2)
    domain_name (0.6.20240107)
    faraday (2.13.1)
      faraday-net_http (>= 2.0, < 3.5)
      json
      logger
    faraday-cookie_jar (0.0.7)
      faraday (>= 0.8.0)
      http-cookie (~> 1.0.0)
    faraday-net_http (3.4.0)
      net-http (>= 0.5.0)
    http-cookie (1.0.8)
      domain_name (~> 0.5)
    json (2.11.3)
    jwt (2.10.1)
      base64
    logger (1.7.0)
    nanaimo (0.4.0)
    net-http (0.6.0)
      uri
    nkf (0.2.0)
    plist (3.2.0)
    rake (13.2.1)
    rexml (3.4.1)
    rufo (0.18.1)
    uri (1.0.3)
    xcodeproj (1.27.0)
      CFPropertyList (>= 2.3.3, < 4.0)
      atomos (~> 0.1.3)
      claide (>= 1.0.2, < 2.0)
      colored2 (~> 3.1)
      nanaimo (~> 0.4.0)
      rexml (>= 3.3.6, < 4.0)

PLATFORMS
  arm64-darwin-24
  ruby

DEPENDENCIES
  adsedare_mattermost!
  rake (~> 13.0)
  rufo

BUNDLED WITH
   2.6.3
